GEM
  remote: https://rubygems.org/
  specs:
    minitest (5.22.2)

PLATFORMS
  x86_64-darwin-19

DEPENDENCIES
  minitest

BUNDLED WITH
   2.4.17
